GEM
  remote: https://rubygems.org/
  specs:
    nio4r (2.5.8)
    puma (6.1.1)
      nio4r (~> 2.0)
    rack (3.0.4.1)
    rackup (2.1.0)
      rack (>= 3)
      webrick (~> 1.8)
    webrick (1.8.1)

PLATFORMS
  ruby
  x86_64-linux

DEPENDENCIES
  puma (~> 6.1, >= 6.1.1)
  rack (~> 3.0, >= 3.0.4.1)
  rackup (~> 2.1)

BUNDLED WITH
   2.4.7
